PATH
  remote: .
  specs:
    pdf-reader (2.5.0)
      Ascii85 (~> 1.0)
      afm (~> 0.2.1)
      hashery (~> 2.0)
      ruby-rc4
      ttfunk

GEM
  remote: https://rubygems.org/
  specs:
    Ascii85 (1.1.0)
    afm (0.2.2)
    cane (3.0.0)
      parallel
    coderay (1.1.3)
    diff-lcs (1.4.4)
    hashery (2.1.2)
    method_source (1.0.0)
    morecane (0.2.0)
      cane (>= 2.1.0)
    parallel (1.20.1)
    pry (0.14.1)
      coderay (~> 1.1)
      method_source (~> 1.0)
    rake (12.3.3)
    rdoc (6.3.1)
    rspec (3.10.0)
      rspec-core (~> 3.10.0)
      rspec-expectations (~> 3.10.0)
      rspec-mocks (~> 3.10.0)
    rspec-core (3.10.1)
      rspec-support (~> 3.10.0)
    rspec-expectations (3.10.1)
      diff-lcs (>= 1.2.0, < 2.0)
      rspec-support (~> 3.10.0)
    rspec-mocks (3.10.2)
      diff-lcs (>= 1.2.0, < 2.0)
      rspec-support (~> 3.10.0)
    rspec-support (3.10.2)
    ruby-rc4 (0.1.5)
    ttfunk (1.7.0)

PLATFORMS
  x86_64-darwin-19

DEPENDENCIES
  cane (~> 3.0)
  morecane (~> 0.2)
  pdf-reader!
  pry
  rake (< 13.0)
  rdoc
  rspec (~> 3.5)

BUNDLED WITH
   2.2.15
